GEM
  remote: https://rubygems.org/
  specs:
    actionmailer (3.2.13.rc1)
      actionpack (= 3.2.13.rc1)
      mail (~> 2.5.3)
    actionpack (3.2.13.rc1)
      activemodel (= 3.2.13.rc1)
      activesupport (= 3.2.13.rc1)
      builder (~> 3.0.0)
      erubis (~> 2.7.0)
      journey (~> 1.0.4)
      rack (~> 1.4.5)
      rack-cache (~> 1.2)
      rack-test (~> 0.6.1)
      sprockets (~> 2.2.1)
    active_model_serializers (0.7.0)
      activemodel (>= 3.0)
    activemodel (3.2.13.rc1)
      activesupport (= 3.2.13.rc1)
      builder (~> 3.0.0)
    activerecord (3.2.13.rc1)
      activemodel (= 3.2.13.rc1)
      activesupport (= 3.2.13.rc1)
      arel (~> 3.0.2)
      tzinfo (~> 0.3.29)
    activeresource (3.2.13.rc1)
      activemodel (= 3.2.13.rc1)
      activesupport (= 3.2.13.rc1)
    activesupport (3.2.13.rc1)
      i18n (= 0.6.1)
      multi_json (~> 1.0)
    arel (3.0.2)
    barber (0.4.1)
      ember-source
      execjs
      handlebars-source
    barber-emblem (0.1.0)
      barber (>= 0.4.0)
      ember-template-compiler-source (>= 1.0.0.pre4.3)
      emblem-source
    builder (3.0.4)
    coffee-rails (3.2.2)
      coffee-script (>= 2.2.0)
      railties (~> 3.2.0)
    coffee-script (2.2.0)
      coffee-script-source
      execjs
    coffee-script-source (1.6.2)
    ember-data-source (0.0.5)
      ember-source
    ember-rails (0.11.1)
      active_model_serializers
      barber (>= 0.4.1)
      ember-data-source
      ember-source
      execjs (>= 1.2)
      railties (>= 3.1)
    ember-source (0.0.4)
      handlebars-source (>= 1.0.0.rc3, < 1.0.0.rc4)
    ember-template-compiler-source (1.0.0.rc1.1)
      handlebars-source (= 1.0.0.rc3)
    emblem-rails (0.0.7)
      barber-emblem (>= 0.0.4)
      ember-rails (>= 0.9.2)
    emblem-source (0.2.2)
    erubis (2.7.0)
    execjs (1.4.0)
      multi_json (~> 1.0)
    handlebars-source (1.0.0.rc.3)
    hike (1.2.1)
    i18n (0.6.1)
    journey (1.0.4)
    jquery-rails (2.2.1)
      railties (>= 3.0, < 5.0)
      thor (>= 0.14, < 2.0)
    json (1.7.7)
    kgio (2.8.0)
    mail (2.5.3)
      i18n (>= 0.4.0)
      mime-types (~> 1.16)
      treetop (~> 1.4.8)
    mime-types (1.22)
    multi_json (1.7.2)
    newrelic_rpm (3.5.7.59)
    pg (0.15.0)
    polyglot (0.3.3)
    qunit-rails (0.0.3)
      railties (>= 3.2.3)
    rack (1.4.5)
    rack-cache (1.2)
      rack (>= 0.4)
    rack-ssl (1.3.3)
      rack
    rack-test (0.6.2)
      rack (>= 1.0)
    rails (3.2.13.rc1)
      actionmailer (= 3.2.13.rc1)
      actionpack (= 3.2.13.rc1)
      activerecord (= 3.2.13.rc1)
      activeresource (= 3.2.13.rc1)
      activesupport (= 3.2.13.rc1)
      bundler (~> 1.0)
      railties (= 3.2.13.rc1)
    railties (3.2.13.rc1)
      actionpack (= 3.2.13.rc1)
      activesupport (= 3.2.13.rc1)
      rack-ssl (~> 1.3.2)
      rake (>= 0.8.7)
      rdoc (~> 3.4)
      thor (>= 0.14.6, < 2.0)
    raindrops (0.10.0)
    rake (10.0.4)
    rdoc (3.12.2)
      json (~> 1.4)
    sass (3.2.7)
    sass-rails (3.2.6)
      railties (~> 3.2.0)
      sass (>= 3.1.10)
      tilt (~> 1.3)
    sprockets (2.2.2)
      hike (~> 1.2)
      multi_json (~> 1.0)
      rack (~> 1.0)
      tilt (~> 1.1, != 1.3.0)
    thor (0.18.1)
    tilt (1.3.6)
    treetop (1.4.12)
      polyglot
      polyglot (>= 0.3.1)
    tzinfo (0.3.37)
    uglifier (1.3.0)
      execjs (>= 0.3.0)
      multi_json (~> 1.0, >= 1.0.2)
    unicorn (4.6.2)
      kgio (~> 2.6)
      rack
      raindrops (~> 0.7)
    zurb-foundation (4.1.1)
      sass (>= 3.2.0)

PLATFORMS
  ruby

DEPENDENCIES
  coffee-rails (~> 3.2.1)
  ember-rails
  emblem-rails
  jquery-rails
  newrelic_rpm (~> 3.5.7.57.beta)
  pg
  qunit-rails
  rails (= 3.2.13.rc1)
  sass-rails (~> 3.2.3)
  uglifier (>= 1.0.3)
  unicorn
  zurb-foundation
